GEM
  remote: http://rubygems.org/
  specs:
    haml (3.1.6)

PLATFORMS
  java
  ruby

DEPENDENCIES
  haml
